GEM
  remote: https://rubygems.org/
  specs:
    gosu (0.11.3.1)

PLATFORMS
  ruby

DEPENDENCIES
  gosu (= 0.11.3.1)

RUBY VERSION
   ruby 2.3.1p112

BUNDLED WITH
   1.13.6
