GEM
  remote: https://rubygems.org/
  specs:
    byebug (9.1.0)
    gosu (0.11.3.1)

PLATFORMS
  ruby

DEPENDENCIES
  byebug
  gosu

RUBY VERSION
   ruby 2.4.2p198

BUNDLED WITH
   1.16.0.pre.3
